GEM
  remote: http://rubygems.org/
  specs:
    activesupport (2.3.14)
    aws-s3 (0.6.3)
      builder
      mime-types
      xml-simple
    builder (3.1.4)
    columnize (0.3.6)
    haml (2.2.3)
    json (1.6.7)
    linecache (0.46)
      rbx-require-relative (> 0.0.4)
    mime-types (1.19)
    mocha (0.9.12)
    multi_json (1.4.0)
    nokogiri (1.5.5)
    ohm (0.0.38)
      redis (>= 1.0.4)
    rack (1.4.1)
    rake (10.0.2)
    rbx-require-relative (0.0.9)
    redis (2.2.2)
    redis-namespace (1.0.3)
      redis (< 3.0.0)
    resque (1.19.0)
      multi_json (~> 1.0)
      redis-namespace (~> 1.0.2)
      sinatra (>= 0.9.2)
      vegas (~> 0.1.2)
    rest-client (1.3.1)
      mime-types (>= 1.16)
    rmagick (2.13.1)
    rspec (1.3.2)
    ruby-debug (0.10.4)
      columnize (>= 0.1)
      ruby-debug-base (~> 0.10.4.0)
    ruby-debug-base (0.10.4)
      linecache (>= 0.3)
    sinatra (0.9.6)
      rack (>= 0.9.1)
    system_timer (1.2.4)
    vegas (0.1.11)
      rack (>= 1.0.0)
    xml-simple (1.1.2)

PLATFORMS
  ruby

DEPENDENCIES
  activesupport (~> 2.3.14)
  aws-s3 (= 0.6.3)
  haml (= 2.2.3)
  json (~> 1.6.3)
  mocha (~> 0.9.12)
  nokogiri (~> 1.5.5)
  ohm (= 0.0.38)
  rake
  resque (~> 1.19.0)
  rest-client (= 1.3.1)
  rmagick (= 2.13.1)
  rspec (~> 1.3.2)
  ruby-debug (~> 0.10.4)
  sinatra (~> 0.9.6)
  system_timer (~> 1.2.4)
